GEM
  remote: https://rubygems.org/
  specs:
    deep_merge (1.2.1)
    rake (12.3.2)

PLATFORMS
  ruby
  x86_64-darwin-18

DEPENDENCIES
  deep_merge
  rake

BUNDLED WITH
   2.0.2
